GEM
  remote: https://rubygems.org/
  specs:
    asciidoctor (0.1.4)
    awestruct (0.5.4.rc)
      bootstrap-sass (>= 2.3.1.0)
      compass (>= 0.12.1)
      compass-960-plugin (~> 0.10.4)
      haml (~> 4.0.1)
      listen (>= 0.7.3)
      nokogiri (= 1.5.10)
      rack (~> 1.5.2)
      rest-client (>= 1.6.7)
      ruby-s3cmd (~> 0.1.5)
      tilt (>= 1.3.6)
      zurb-foundation (~> 4)
    bootstrap-sass (3.1.1.0)
      sass (~> 3.2)
    celluloid (0.15.2)
      timers (~> 1.1.0)
    celluloid-io (0.15.0)
      celluloid (>= 0.15.0)
      nio4r (>= 0.5.0)
    chunky_png (1.3.0)
    coderay (1.1.0)
    colored (1.2)
    compass (0.12.4)
      chunky_png (~> 1.2)
      fssm (>= 0.2.7)
      sass (~> 3.2.17)
    compass-960-plugin (0.10.4)
      compass (>= 0.10.0)
    erubis (2.7.0)
    ffi (1.9.3)
    ffi (1.9.3-x86-mingw32)
    fssm (0.2.10)
    git (1.2.6)
    haml (4.0.5)
      tilt
    json (1.8.1)
    listen (2.7.1)
      celluloid (>= 0.15.2)
      celluloid-io (>= 0.15.0)
      rb-fsevent (>= 0.9.3)
      rb-inotify (>= 0.9)
    mime-types (2.2)
    nio4r (1.0.0)
    nokogiri (1.5.10)
    nokogiri (1.5.10-x86-mingw32)
    rack (1.5.2)
    rake (10.0.4)
    rb-fsevent (0.9.4)
    rb-inotify (0.9.3)
      ffi (>= 0.5.0)
    rdoc (4.0.1)
      json (~> 1.4)
    rest-client (1.6.7)
      mime-types (>= 1.16)
    ruby-s3cmd (0.1.5)
    ruby_parser (3.4.1)
      sexp_processor (~> 4.1)
    sass (3.2.18)
    sexp_processor (4.4.2)
    slim (2.0.2)
      temple (~> 0.6.6)
      tilt (>= 1.3.3, < 2.1)
    temple (0.6.7)
    tilt (1.4.1)
    timers (1.1.0)
    tomdoc (0.2.5)
      colored
      ruby_parser (>= 2.0.4)
    tzinfo (0.3.39)
    zurb-foundation (4.3.2)
      sass (>= 3.2.0)

PLATFORMS
  ruby
  x86-mingw32

DEPENDENCIES
  asciidoctor (= 0.1.4)
  awestruct (= 0.5.4.rc)
  coderay (= 1.1.0)
  erubis (~> 2.7.0)
  git (~> 1.2.5)
  haml (~> 4.0.0)
  rake (~> 10.0.0)
  rb-inotify (~> 0.9.0)
  rdoc (~> 4.0.0)
  slim (~> 2.0.0)
  tilt (~> 1.4.0)
  tomdoc (~> 0.2.5)
  tzinfo (~> 0.3.35)
  zurb-foundation (~> 4.3.0)
